PATH
  remote: .
  specs:
    wp2jekyll (0.1.0)
      colorize (~> 0.8)
      diff-lcs (~> 1.3)
      nokogiri (~> 1.8)

GEM
  remote: https://rubygems.org/
  specs:
    colorize (0.8.1)
    diff-lcs (1.3)
    mini_portile2 (2.3.0)
    minitest (5.11.3)
    nokogiri (1.8.4)
      mini_portile2 (~> 2.3.0)
    pretty-diffs (1.0.2)
    rake (10.5.0)

PLATFORMS
  ruby

DEPENDENCIES
  bundler (~> 1.16)
  minitest (~> 5.0)
  pretty-diffs (~> 1.0)
  rake (~> 10.0)
  wp2jekyll!

BUNDLED WITH
   1.16.1
