PATH
  remote: .
  specs:
    wp2jekyll (0.1.0)
      colorize (~> 0.8)
      diff-lcs (~> 1.3)
      googleauth (~> 0.6)
      nokogiri (~> 1.8)
      parallel (~> 1.12)

GEM
  remote: https://rubygems.org/
  specs:
    addressable (2.5.2)
      public_suffix (>= 2.0.2, < 4.0)
    colorize (0.8.1)
    diff-lcs (1.3)
    faraday (0.15.2)
      multipart-post (>= 1.2, < 3)
    googleauth (0.6.6)
      faraday (~> 0.12)
      jwt (>= 1.4, < 3.0)
      memoist (~> 0.12)
      multi_json (~> 1.11)
      os (>= 0.9, < 2.0)
      signet (~> 0.7)
    jwt (2.1.0)
    memoist (0.16.0)
    mini_portile2 (2.3.0)
    minitest (5.11.3)
    multi_json (1.13.1)
    multipart-post (2.0.0)
    nokogiri (1.8.4)
      mini_portile2 (~> 2.3.0)
    os (1.0.0)
    parallel (1.12.1)
    pretty-diffs (1.0.2)
    public_suffix (3.0.3)
    rake (10.5.0)
    signet (0.9.2)
      addressable (~> 2.3)
      faraday (~> 0.9)
      jwt (>= 1.5, < 3.0)
      multi_json (~> 1.10)

PLATFORMS
  ruby

DEPENDENCIES
  bundler (~> 1.16)
  minitest (~> 5.0)
  pretty-diffs (~> 1.0)
  rake (~> 10.0)
  wp2jekyll!

BUNDLED WITH
   1.16.1
